PATH
  remote: .
  specs:
    yayimdbs (0.2.8)
      activesupport (~> 3.0, >= 3.0.10)
      i18n (>= 0.6.0, < 0.7)
      nokogiri (~> 1.4, >= 1.4.2)

GEM
  remote: http://rubygems.org/
  specs:
    activesupport (3.2.22.2)
      i18n (~> 0.6, >= 0.6.4)
      multi_json (~> 1.0)
    coderay (1.1.1)
    diff-lcs (1.2.5)
    i18n (0.6.11)
    method_source (0.8.2)
    mini_portile2 (2.1.0)
    multi_json (1.12.1)
    nokogiri (1.6.8)
      mini_portile2 (~> 2.1.0)
      pkg-config (~> 1.1.7)
    pkg-config (1.1.7)
    pry (0.10.3)
      coderay (~> 1.1.0)
      method_source (~> 0.8.1)
      slop (~> 3.4)
    rspec (2.99.0)
      rspec-core (~> 2.99.0)
      rspec-expectations (~> 2.99.0)
      rspec-mocks (~> 2.99.0)
    rspec-core (2.99.2)
    rspec-expectations (2.99.2)
      diff-lcs (>= 1.1.3, < 2.0)
    rspec-mocks (2.99.4)
    slop (3.6.0)

PLATFORMS
  ruby

DEPENDENCIES
  pry (~> 0.10.3, >= 0.10.3)
  rspec (~> 2.7, >= 2.7.0)
  yayimdbs!

BUNDLED WITH
   1.12.5
