PATH
  remote: .
  specs:
    yayimdbs (0.2.8)
      activesupport (~> 3.0, >= 3.0.10)
      i18n (>= 0.6.0, < 0.7)
      nokogiri (~> 1.4, >= 1.4.2)

GEM
  remote: http://rubygems.org/
  specs:
    activesupport (3.0.10)
    diff-lcs (1.1.2)
    i18n (0.6.11)
    mini_portile2 (2.1.0)
    nokogiri (1.6.8)
      mini_portile2 (~> 2.1.0)
      pkg-config (~> 1.1.7)
    pkg-config (1.1.7)
    rspec (2.0.1)
      rspec-core (~> 2.0.1)
      rspec-expectations (~> 2.0.1)
      rspec-mocks (~> 2.0.1)
    rspec-core (2.0.1)
    rspec-expectations (2.0.1)
      diff-lcs (>= 1.1.2)
    rspec-mocks (2.0.1)
      rspec-core (~> 2.0.1)
      rspec-expectations (~> 2.0.1)

PLATFORMS
  ruby

DEPENDENCIES
  rspec (~> 2.0, >= 2.0.0)
  yayimdbs!

BUNDLED WITH
   1.12.5
