PATH
  remote: .
  specs:
    yayimdbs (0.2.8)
      activesupport
      i18n
      nokogiri (>= 1.4.2)

GEM
  remote: http://rubygems.org/
  specs:
    activesupport (3.0.10)
    diff-lcs (1.1.2)
    i18n (0.6.0)
    nokogiri (1.5.0)
    rspec (2.0.1)
      rspec-core (~> 2.0.1)
      rspec-expectations (~> 2.0.1)
      rspec-mocks (~> 2.0.1)
    rspec-core (2.0.1)
    rspec-expectations (2.0.1)
      diff-lcs (>= 1.1.2)
    rspec-mocks (2.0.1)
      rspec-core (~> 2.0.1)
      rspec-expectations (~> 2.0.1)

PLATFORMS
  ruby

DEPENDENCIES
  rspec (>= 2.0.0)
  yayimdbs!

BUNDLED WITH
   1.12.5
